GEM
  remote: https://rubygems.org/
  specs:
    bourbon (4.2.4)
      sass (~> 3.4)
      thor (~> 0.19)
    celluloid (0.16.0)
      timers (~> 4.0.0)
    ffi (1.9.10)
    hitimes (1.2.3)
    jekyll-watch (1.2.1)
      listen (~> 2.7)
    listen (2.10.1)
      celluloid (~> 0.16.0)
      rb-fsevent (>= 0.9.3)
      rb-inotify (>= 0.9)
    neat (1.7.2)
      bourbon (>= 4.0)
      sass (>= 3.3)
    rb-fsevent (0.9.6)
    rb-inotify (0.9.5)
      ffi (>= 0.5.0)
    sass (3.4.18)
    thor (0.19.1)
    timers (4.0.4)
      hitimes

PLATFORMS
  ruby

DEPENDENCIES
  bourbon
  jekyll-watch
  neat

BUNDLED WITH
   1.10.6
